GEM
  remote: https://rubygems.org/
  specs:
    activemodel (3.2.13)
      activesupport (= 3.2.13)
      builder (~> 3.0.0)
    activesupport (3.2.13)
      i18n (= 0.6.1)
      multi_json (~> 1.0)
    builder (3.0.4)
    couchrest (1.1.3)
      mime-types (~> 1.15)
      multi_json (~> 1.0)
      rest-client (~> 1.6.1)
    couchrest_model (1.1.2)
      activemodel (~> 3.0)
      couchrest (~> 1.1.2)
      mime-types (~> 1.15)
      tzinfo (~> 0.3.22)
    daemons (1.1.9)
    diff-lcs (1.1.3)
    eventmachine (1.0.3)
    haml (3.0.25)
    i18n (0.6.1)
    json (1.5.1)
    json_pure (1.5.1)
    mime-types (1.23)
    multi_json (1.7.7)
    newrelic_rpm (3.6.6.147)
    nokogiri (1.4.4)
    rack (1.3.0)
    rack-contrib (1.1.0)
      rack (>= 0.9.1)
    rack-test (0.6.2)
      rack (>= 1.0)
    rake (0.9.0)
    rest-client (1.6.7)
      mime-types (>= 1.16)
    rspec (2.6.0)
      rspec-core (~> 2.6.0)
      rspec-expectations (~> 2.6.0)
      rspec-mocks (~> 2.6.0)
    rspec-core (2.6.4)
    rspec-expectations (2.6.0)
      diff-lcs (~> 1.1.2)
    rspec-mocks (2.6.0)
    simplecov (0.7.1)
      multi_json (~> 1.0)
      simplecov-html (~> 0.7.1)
    simplecov-html (0.7.1)
    sinatra (1.1.0)
      rack (~> 1.1)
      tilt (~> 1.1)
    thin (1.2.11)
      daemons (>= 1.0.9)
      eventmachine (>= 0.12.6)
      rack (>= 1.0.0)
    tilt (1.4.1)
    tzinfo (0.3.37)

PLATFORMS
  ruby

DEPENDENCIES
  couchrest (~> 1.1.0)
  couchrest_model (~> 1.1.2)
  haml (= 3.0.25)
  json (= 1.5.1)
  json_pure (= 1.5.1)
  newrelic_rpm
  nokogiri (= 1.4.4)
  rack (= 1.3.0)
  rack-contrib
  rack-test (>= 0.6.0)
  rake (= 0.9.0)
  rspec (= 2.6.0)
  rspec-core (= 2.6.4)
  simplecov (>= 0.4.2)
  sinatra (= 1.1.0)
  thin (= 1.2.11)
